GIT
  remote: git://github.com/sporkrb/spork-rails.git
  revision: 3224f84d8c31fcb0894e9a43f6c3ac67e3aa0d71
  specs:
    spork-rails (3.2.1)
      rails (>= 3.0.0, < 5)
      spork (>= 1.0rc0)

GIT
  remote: git://github.com/wr0ngway/graylog2_exceptions.git
  revision: 797924acd1aa89852605230812d8cfd27da90969
  specs:
    graylog2_exceptions (1.3.0)
      gelf (~> 1.3)

GEM
  remote: http://rubygems.org/
  specs:
    actionmailer (3.2.13)
      actionpack (= 3.2.13)
      mail (~> 2.5.3)
    actionpack (3.2.13)
      activemodel (= 3.2.13)
      activesupport (= 3.2.13)
      builder (~> 3.0.0)
      erubis (~> 2.7.0)
      journey (~> 1.0.4)
      rack (~> 1.4.5)
      rack-cache (~> 1.2)
      rack-test (~> 0.6.1)
      sprockets (~> 2.2.1)
    activemodel (3.2.13)
      activesupport (= 3.2.13)
      builder (~> 3.0.0)
    activerecord (3.2.13)
      activemodel (= 3.2.13)
      activesupport (= 3.2.13)
      arel (~> 3.0.2)
      tzinfo (~> 0.3.29)
    activeresource (3.2.13)
      activemodel (= 3.2.13)
      activesupport (= 3.2.13)
    activesupport (3.2.13)
      i18n (= 0.6.1)
      multi_json (~> 1.0)
    arel (3.0.2)
    bcrypt-ruby (3.1.0)
    bson (1.9.1)
    builder (3.0.4)
    capistrano (2.15.5)
      highline
      net-scp (>= 1.0.0)
      net-sftp (>= 2.0.0)
      net-ssh (>= 2.0.14)
      net-ssh-gateway (>= 1.1.0)
    capybara (1.1.2)
      mime-types (>= 1.16)
      nokogiri (>= 1.3.3)
      rack (>= 1.0.0)
      rack-test (>= 0.5.4)
      selenium-webdriver (~> 2.0)
      xpath (~> 0.1.4)
    childprocess (0.3.6)
      ffi (~> 1.0, >= 1.0.6)
    chunky_png (1.2.8)
    clamp (0.6.1)
    coderay (1.0.9)
    compass (0.12.2)
      chunky_png (~> 1.2)
      fssm (>= 0.2.7)
      sass (~> 3.1)
    compass-rails (1.0.3)
      compass (>= 0.12.2, < 0.14)
    congress (0.1.1)
      faraday (~> 0.8.7)
      faraday_middleware (~> 0.9.0)
      hashie (~> 2.0)
      json (~> 1.8)
      rash (~> 0.4)
    devise (2.2.4)
      bcrypt-ruby (~> 3.0)
      orm_adapter (~> 0.1)
      railties (~> 3.1)
      warden (~> 1.2.1)
    diff-lcs (1.1.3)
    erubis (2.7.0)
    excon (0.23.0)
    execjs (1.4.0)
      multi_json (~> 1.0)
    factory_girl (4.2.0)
      activesupport (>= 3.0.0)
    factory_girl_rails (4.2.1)
      factory_girl (~> 4.2.0)
      railties (>= 3.0.0)
    faraday (0.8.8)
      multipart-post (~> 1.2.0)
    faraday_middleware (0.9.0)
      faraday (>= 0.7.4, < 0.9)
    ffi (1.9.0)
    figaro (0.7.0)
      bundler (~> 1.0)
      rails (>= 3, < 5)
    fog (1.12.1)
      builder
      excon (~> 0.23.0)
      formatador (~> 0.2.0)
      mime-types
      multi_json (~> 1.0)
      net-scp (~> 1.1)
      net-ssh (>= 2.1.3)
      nokogiri (~> 1.5.0)
      ruby-hmac
    formatador (0.2.4)
    fssm (0.2.10)
    gelf (1.4.0)
      json
    gibbon (1.0.0)
      httparty
      multi_json (>= 1.3.4)
    graylog2-resque (0.5.1)
      gelf
      resque
    growl (1.0.3)
    guard (1.8.1)
      formatador (>= 0.2.4)
      listen (>= 1.0.0)
      lumberjack (>= 1.0.2)
      pry (>= 0.9.10)
      thor (>= 0.14.6)
    guard-rspec (1.2.1)
      guard (>= 1.1)
    guard-spork (1.5.0)
      childprocess (>= 0.2.3)
      guard (>= 1.1)
      spork (>= 0.8.4)
    hashie (2.0.5)
    highline (1.6.19)
    hike (1.2.3)
    httparty (0.11.0)
      multi_json (~> 1.0)
      multi_xml (>= 0.5.2)
    httpauth (0.2.0)
    i18n (0.6.1)
    journey (1.0.4)
    jquery-rails (3.0.2)
      railties (>= 3.0, < 5.0)
      thor (>= 0.14, < 2.0)
    json (1.8.0)
    jwt (0.1.8)
      multi_json (>= 1.5)
    libv8 (3.11.8.17)
    listen (1.2.2)
      rb-fsevent (>= 0.9.3)
      rb-inotify (>= 0.9)
      rb-kqueue (>= 0.2)
    lumberjack (1.0.4)
    mail (2.5.4)
      mime-types (~> 1.16)
      treetop (~> 1.4.8)
    method_source (0.8.1)
    mime-types (1.23)
    mongo (1.9.1)
      bson (~> 1.9.1)
    mono_logger (1.1.0)
    multi_json (1.7.7)
    multi_xml (0.5.5)
    multipart-post (1.2.0)
    mysql2 (0.3.11)
    net-scp (1.1.2)
      net-ssh (>= 2.6.5)
    net-sftp (2.1.2)
      net-ssh (>= 2.6.5)
    net-ssh (2.6.8)
    net-ssh-gateway (1.2.0)
      net-ssh (>= 2.6.5)
    nokogiri (1.5.10)
    oauth (0.4.7)
    oauth2 (0.8.1)
      faraday (~> 0.8)
      httpauth (~> 0.1)
      jwt (~> 0.1.4)
      multi_json (~> 1.0)
      rack (~> 1.2)
    omniauth (1.1.4)
      hashie (>= 1.2, < 3)
      rack
    omniauth-facebook (1.4.1)
      omniauth-oauth2 (~> 1.1.0)
    omniauth-oauth (1.0.1)
      oauth
      omniauth (~> 1.0)
    omniauth-oauth2 (1.1.1)
      oauth2 (~> 0.8.0)
      omniauth (~> 1.0)
    omniauth-twitter (1.0.0)
      multi_json (~> 1.3)
      omniauth-oauth (~> 1.0)
    open4 (1.3.0)
    orm_adapter (0.4.0)
    polyglot (0.3.3)
    pry (0.9.12.2)
      coderay (~> 1.0.5)
      method_source (~> 0.8)
      slop (~> 3.4)
    rack (1.4.5)
    rack-cache (1.2)
      rack (>= 0.4)
    rack-mini-profiler (0.1.27)
      rack (>= 1.1.3)
    rack-protection (1.5.0)
      rack
    rack-ssl (1.3.3)
      rack
    rack-test (0.6.2)
      rack (>= 1.0)
    rails (3.2.13)
      actionmailer (= 3.2.13)
      actionpack (= 3.2.13)
      activerecord (= 3.2.13)
      activeresource (= 3.2.13)
      activesupport (= 3.2.13)
      bundler (~> 1.0)
      railties (= 3.2.13)
    railties (3.2.13)
      actionpack (= 3.2.13)
      activesupport (= 3.2.13)
      rack-ssl (~> 1.3.2)
      rake (>= 0.8.7)
      rdoc (~> 3.4)
      thor (>= 0.14.6, < 2.0)
    rake (10.1.0)
    rash (0.4.0)
      hashie (~> 2.0.0)
    rb-fsevent (0.9.3)
    rb-inotify (0.9.0)
      ffi (>= 0.5.0)
    rb-kqueue (0.2.0)
      ffi (>= 0.5.0)
    rdoc (3.12.2)
      json (~> 1.4)
    redis (3.0.4)
    redis-namespace (1.3.0)
      redis (~> 3.0.0)
    ref (1.0.5)
    resque (1.24.1)
      mono_logger (~> 1.0)
      multi_json (~> 1.0)
      redis-namespace (~> 1.2)
      sinatra (>= 0.9.2)
      vegas (~> 0.1.2)
    rspec (2.11.0)
      rspec-core (~> 2.11.0)
      rspec-expectations (~> 2.11.0)
      rspec-mocks (~> 2.11.0)
    rspec-core (2.11.1)
    rspec-expectations (2.11.3)
      diff-lcs (~> 1.1.3)
    rspec-mocks (2.11.3)
    rspec-rails (2.11.0)
      actionpack (>= 3.0)
      activesupport (>= 3.0)
      railties (>= 3.0)
      rspec (~> 2.11.0)
    rubber (2.5.3)
      capistrano (~> 2.12)
      clamp
      fog (~> 1.6)
      json
      net-ssh (~> 2.6)
      open4
      thor
    ruby-hmac (0.4.0)
    rubyzip (0.9.9)
    sass (3.2.9)
    sass-rails (3.2.6)
      railties (~> 3.2.0)
      sass (>= 3.1.10)
      tilt (~> 1.3)
    selenium-webdriver (2.33.0)
      childprocess (>= 0.2.5)
      multi_json (~> 1.0)
      rubyzip
      websocket (~> 1.0.4)
    sinatra (1.4.3)
      rack (~> 1.4)
      rack-protection (~> 1.4)
      tilt (~> 1.3, >= 1.3.4)
    slop (3.4.5)
    spork (1.0.0rc3)
    sprockets (2.2.2)
      hike (~> 1.2)
      multi_json (~> 1.0)
      rack (~> 1.0)
      tilt (~> 1.1, != 1.3.0)
    sqlite3 (1.3.7)
    therubyracer (0.11.4)
      libv8 (~> 3.11.8.12)
      ref
    thor (0.18.1)
    tilt (1.4.1)
    treetop (1.4.14)
      polyglot
      polyglot (>= 0.3.1)
    tzinfo (0.3.37)
    uglifier (2.1.1)
      execjs (>= 0.3.0)
      multi_json (~> 1.0, >= 1.0.2)
    vegas (0.1.11)
      rack (>= 1.0.0)
    warden (1.2.1)
      rack (>= 1.0)
    websocket (1.0.7)
    xpath (0.1.4)
      nokogiri (~> 1.3)
    zurb-foundation (4.3.1)
      sass (>= 3.2.0)

PLATFORMS
  ruby

DEPENDENCIES
  bcrypt-ruby
  capybara
  childprocess (= 0.3.6)
  compass-rails
  congress
  devise
  factory_girl_rails
  figaro
  gelf
  gibbon
  graylog2-resque
  graylog2_exceptions!
  growl
  guard-rspec
  guard-spork (= 1.5.0)
  jquery-rails
  mongo
  mysql2
  omniauth
  omniauth-facebook
  omniauth-twitter
  open4
  pry
  rack-mini-profiler
  rails (= 3.2.13)
  rspec-rails (= 2.11.0)
  rubber
  sass-rails (~> 3.2.3)
  spork-rails!
  sqlite3
  therubyracer
  uglifier (>= 1.0.3)
  zurb-foundation
